GEM
  remote: https://rubygems.org/
  specs:
    json (2.6.2)
    minitest (5.15.0)

PLATFORMS
  x86_64-linux

DEPENDENCIES
  json (~> 2.6, >= 2.6.2)
  minitest

BUNDLED WITH
   2.3.11
